GIT
  remote: git@github.com:epdp/stones.git
  revision: 922fea3e9178076cd537714f9dda40c23ba20106
  tag: 1.0.0-pre15
  specs:
    stones (1.0.0.pre15)

PATH
  remote: .
  specs:
    bolt (0.3.1)
      bson_ext (~> 1.10.2)
      mail (~> 2.5.3)
      mongo (~> 1.10.2)

GEM
  remote: https://rubygems.org/
  specs:
    binding_of_caller (0.7.2)
      debug_inspector (>= 0.0.1)
    bond (0.5.1)
    bson (1.10.2)
    bson_ext (1.10.2)
      bson (~> 1.10.2)
    coderay (1.1.0)
    columnize (0.8.9)
    debug_inspector (0.0.2)
    debugger (1.6.8)
      columnize (>= 0.3.1)
      debugger-linecache (~> 1.2.0)
      debugger-ruby_core_source (~> 1.3.5)
    debugger-linecache (1.2.0)
    debugger-ruby_core_source (1.3.5)
    interception (0.5)
    jist (1.5.1)
      json
    json (1.8.1)
    mail (2.5.4)
      mime-types (~> 1.16)
      treetop (~> 1.4.8)
    method_source (0.8.2)
    mime-types (1.25.1)
    minitest (5.4.1)
    mongo (1.10.2)
      bson (= 1.10.2)
    polyglot (0.3.5)
    pry (0.10.1)
      coderay (~> 1.1.0)
      method_source (~> 0.8.1)
      slop (~> 3.4)
    pry-debugger (0.2.3)
      debugger (~> 1.3)
      pry (>= 0.9.10, < 0.11.0)
    pry-doc (0.6.0)
      pry (~> 0.9)
      yard (~> 0.8)
    pry-docmore (0.1.1)
      pry
      pry-doc
    pry-plus (1.0.0)
      bond
      jist
      pry-debugger
      pry-doc
      pry-docmore
      pry-rescue
      pry-stack_explorer
    pry-rescue (1.4.1)
      interception (>= 0.5)
      pry
    pry-stack_explorer (0.4.9.1)
      binding_of_caller (>= 0.7)
      pry (>= 0.9.11)
    slop (3.6.0)
    treetop (1.4.15)
      polyglot
      polyglot (>= 0.3.1)
    yard (0.8.7.4)

PLATFORMS
  ruby

DEPENDENCIES
  bolt!
  minitest
  pry
  pry-plus
  stones!
